NUGET
  remote: https://www.nuget.org/api/v2
    Common.Logging (3.2)
      Common.Logging.Core (>= 3.2)
    Common.Logging.Core (3.2)
    Common.Logging.NLog32 (3.2)
      Common.Logging (>= 3.2)
      NLog (>= 3.2)
    FAKE (4.0.3) - framework: net40
    FakeItEasy (2.3.2)
    FluentAssertions (2.1) - framework: >= net40
    FluentValidation (5.0.0.1) - framework: >= net40
    Microsoft.Tpl.Dataflow (4.5.24)
    Moq (4.2.1312.1622) - framework: >= net40
    Newtonsoft.Json (6.0.2) - framework: >= net40
    Ninject (3.0.1.10) - framework: >= net40
    NLog (3.2)
    NuGet.CommandLine (2.8.6) - framework: net40
    NUnit (2.6.4) - framework: net45
    NUnit.Runners (2.6.4) - framework: net40
    RabbitMQ.Client (3.3) - framework: >= net40
    RestSharp (105.2.3)
