FRAMEWORK: NET461
NUGET
  remote: https://www.nuget.org/api/v2
    Castle.Core (4.0)
    Common.Logging (3.3.1)
      Common.Logging.Core (>= 3.3.1)
    Common.Logging.Core (3.3.1)
    FAKE (4.0.3)
    FluentAssertions (4.19.2)
    Moq (4.7.8)
      Castle.Core (>= 4.0)
    Newtonsoft.Json (6.0.1)
    NuGet.CommandLine (2.8.6)
    NUnit (2.6.4)
    NUnit.Runners (2.6.4)
    RabbitMQ.Client (3.3)
    RestSharp (105.2.3)
