NUGET
  remote: https://nuget.org/api/v2
  specs:
    Common.Logging (2.1.2) - framework: >= net40
    FAKE (4.0.3) - framework: net40
    FluentAssertions (2.1.0.0) - framework: >= net40
    FluentValidation (5.0.0.1) - framework: >= net40
    Moq (4.2.1312.1622) - framework: >= net40
    Newtonsoft.Json (6.0.2) - framework: >= net40
    Ninject (3.0.1.10) - framework: >= net40
    NuGet.CommandLine (2.8.6) - framework: net40
    NUnit (2.6.4)
    NUnit.Runners (2.6.4) - framework: net40
    RabbitMQ.Client (3.3.0) - framework: >= net40
    RestSharp (105.2.3)
    System.Reactive (3.1.1) - framework: >= net45
    System.Reactive.Core (3.1.1) - framework: >= net45
    System.Reactive.Interfaces (3.1.1) - framework: >= net45
    System.Reactive.Linq (3.1.1) - framework: >= net45
    System.Reactive.PlatformServices (3.1.1) - framework: >= net45
    System.Reactive.Windows.Threading (3.1.1) - framework: >= net45